GEM
  remote: https://rubygems.org/
  specs:
    activesupport (4.2.6)
      i18n (~> 0.7)
      json (~> 1.7, >= 1.7.7)
      minitest (~> 5.1)
      thread_safe (~> 0.3, >= 0.3.4)
      tzinfo (~> 1.1)
    backports (3.6.8)
    concurrent-ruby (1.0.2)
    concurrent-ruby (1.0.2-java)
    haml (4.0.7)
      tilt
    i18n (0.7.0)
    jdbc-sqlite3 (3.8.11.2)
    json (1.8.3)
    json (1.8.3-java)
    minitest (5.9.0)
    multi_json (1.12.1)
    rack (1.6.4)
    rack-protection (1.5.3)
      rack
    rack-test (0.6.3)
      rack (>= 1.0)
    sequel (4.37.0)
    sinatra (1.4.7)
      rack (~> 1.5)
      rack-protection (~> 1.4)
      tilt (>= 1.3, < 3)
    sinatra-contrib (1.4.7)
      backports (>= 2.0)
      multi_json
      rack-protection
      rack-test
      sinatra (~> 1.4.0)
      tilt (>= 1.3, < 3)
    sucker_punch (2.0.2)
      concurrent-ruby (~> 1.0.0)
    thread_safe (0.3.5)
    thread_safe (0.3.5-java)
    tilt (2.0.5)
    tzinfo (1.2.2)
      thread_safe (~> 0.1)

PLATFORMS
  java
  ruby

DEPENDENCIES
  activesupport
  haml
  jdbc-sqlite3
  json
  sequel
  sinatra
  sinatra-contrib
  sucker_punch

BUNDLED WITH
   1.12.5
